GEM
  remote: https://rubygems.org/
  specs:
    activesupport (8.0.1)
      base64
      benchmark (>= 0.3)
      bigdecimal
      concurrent-ruby (~> 1.0, >= 1.3.1)
      connection_pool (>= 2.2.5)
      drb
      i18n (>= 1.6, < 2)
      logger (>= 1.4.2)
      minitest (>= 5.1)
      securerandom (>= 0.3)
      tzinfo (~> 2.0, >= 2.0.5)
      uri (>= 0.13.1)
    base64 (0.2.0)
    benchmark (0.4.0)
    bigdecimal (3.1.9)
    concurrent-ruby (1.3.4)
    connection_pool (2.4.1)
    drb (2.2.1)
    i18n (1.14.6)
      concurrent-ruby (~> 1.0)
    logger (1.6.4)
    matrix (0.4.2)
    minitest (5.25.4)
    optparse (0.6.0)
    pathname (0.3.0)
    securerandom (0.4.1)
    tzinfo (2.0.6)
      concurrent-ruby (~> 1.0)
    uri (1.0.2)

PLATFORMS
  ruby
  x86_64-linux

DEPENDENCIES
  activesupport (~> 8.0, >= 8.0.1)
  matrix (~> 0.4.2)
  optparse (~> 0.6.0)
  pathname (~> 0.3.0)

BUNDLED WITH
   2.5.16
